GEM
  remote: https://rubygems.org/
  specs:
    activesupport (4.1.4)
      i18n (~> 0.6, >= 0.6.9)
      json (~> 1.7, >= 1.7.7)
      minitest (~> 5.1)
      thread_safe (~> 0.1)
      tzinfo (~> 1.1)
    chronic (0.10.2)
    daemons (1.1.9)
    eventmachine (1.2.0.1)
    i18n (0.6.11)
    json (1.8.1)
    minitest (5.4.0)
    rack (1.5.2)
    rack-cors (0.4.0)
    rack-protection (1.5.3)
      rack
    sinatra (1.4.5)
      rack (~> 1.4)
      rack-protection (~> 1.4)
      tilt (~> 1.3, >= 1.3.4)
    thin (1.6.2)
      daemons (>= 1.0.9)
      eventmachine (>= 1.0.0)
      rack (>= 1.0.0)
    thread_safe (0.3.4)
    tilt (1.4.1)
    tzinfo (1.2.1)
      thread_safe (~> 0.1)

PLATFORMS
  ruby

DEPENDENCIES
  activesupport
  chronic
  rack-cors
  sinatra
  thin

BUNDLED WITH
   1.12.5
